PATH
  remote: .
  specs:
    dgd-tools (0.1.2)
      nokogiri (~> 1.10.5)

GEM
  remote: https://rubygems.org/
  specs:
    mini_portile2 (2.4.0)
    minitest (5.14.2)
    nokogiri (1.10.10)
      mini_portile2 (~> 2.4.0)
    rake (12.3.3)

PLATFORMS
  ruby

DEPENDENCIES
  dgd-tools!
  minitest (~> 5.0)
  rake (~> 12.0)

BUNDLED WITH
   2.1.2
