PATH
  remote: .
  specs:
    dgd-tools (0.1.11)
      nokogiri (~> 1.10.5)
      optimist (~> 3.0.1)
      treetop

GEM
  remote: https://rubygems.org/
  specs:
    mini_portile2 (2.4.0)
    minitest (5.14.2)
    nokogiri (1.10.10)
      mini_portile2 (~> 2.4.0)
    optimist (3.0.1)
    polyglot (0.3.5)
    rake (12.3.3)
    treetop (1.6.11)
      polyglot (~> 0.3)

PLATFORMS
  ruby

DEPENDENCIES
  dgd-tools!
  minitest (~> 5.0)
  rake (~> 12.0)

BUNDLED WITH
   2.1.2
